GEM
  remote: http://rubygems.org/
  specs:
    creditcard (1.0)
    git (1.2.5)
    jeweler (1.5.1)
      bundler (~> 1.0.0)
      git (>= 1.2.5)
      rake
    rake (0.8.7)
    rcov (0.9.8)
    shoulda (2.11.3)

PLATFORMS
  ruby

DEPENDENCIES
  bundler (~> 1.0.0)
  creditcard
  jeweler (~> 1.5.1)
  rcov
  shoulda
